GEM
  remote: https://rubygems.org/
  specs:
    cfndsl (0.16.13)

PLATFORMS
  x64-mingw32

DEPENDENCIES
  cfndsl (= 0.16.13)

BUNDLED WITH
   2.0.1
